GEM
  remote: http://rubygems.org/
  specs:
    sqlite3 (1.3.3)

PLATFORMS
  ruby

DEPENDENCIES
  sqlite3 (= 1.3.3)
